GEM
  remote: https://rubygems.org/
  specs:
    basecrm (1.1.3)
      faraday (~> 0.9, >= 0.9.0)
      json (~> 1.7, >= 1.7.7)
    faraday (0.9.2)
      multipart-post (>= 1.2, < 3)
    json (1.8.3)
    multipart-post (2.0.0)

PLATFORMS
  ruby

DEPENDENCIES
  basecrm
